GEM
  remote: https://rubygems.org/
  specs:
    activerecord (2.0.0)
      activesupport (= 2.0.0)
    activesupport (2.0.0)

PLATFORMS
  ruby

DEPENDENCIES
  activerecord (= 2.0)

RUBY VERSION
   ruby 2.5.8p224

BUNDLED WITH
   2.1.4
